GEM
  remote: https://rubygems.org/
  specs:
    faker (1.7.3)
      i18n (~> 0.5)
    i18n (0.8.4)

PLATFORMS
  ruby

DEPENDENCIES
  faker

BUNDLED WITH
   1.14.6
